PATH
  remote: .
  specs:
    mesh-medical-subject-headings (2.3.0)
      clarifier
      google_hash

GEM
  remote: https://rubygems.org/
  specs:
    clarifier (0.0.3)
    google_hash (0.8.4)
      sane (~> 0)
    metaclass (0.0.4)
    mini_portile (0.6.0)
    minitest (5.0.8)
    mocha (1.0.0)
      metaclass (~> 0.0.1)
    nokogiri (1.6.2.1)
      mini_portile (= 0.6.0)
    os (0.9.6)
    rake (10.2.2)
    ruby-prof (0.14.2)
    sane (0.25.8)
      os (~> 0)
    yard (0.8.7.4)

PLATFORMS
  ruby

DEPENDENCIES
  bundler (~> 1.3)
  mesh-medical-subject-headings!
  minitest (~> 5.0.8)
  mocha
  nokogiri
  rake
  ruby-prof
  yard
